GEM
  remote: https://rubygems.org/
  specs:
    aws-sdk (1.31.3)
      json (~> 1.4)
      nokogiri (>= 1.4.4)
      uuidtools (~> 2.1)
    coderay (1.1.0)
    ffi (1.9.3-java)
    jruby-jars (1.7.9)
    jruby-rack (1.1.13.3)
    json (1.8.1-java)
    method_source (0.8.2)
    mini_portile (0.5.2)
    mustache (0.99.5)
    nokogiri (1.6.1-java)
      mini_portile (~> 0.5.0)
    pry (0.9.12.4-java)
      coderay (~> 1.0)
      method_source (~> 0.8)
      slop (~> 3.4)
      spoon (~> 0.0)
    rack (1.5.2)
    rake (10.1.0)
    rubyzip (0.9.9)
    slop (3.4.7)
    spoon (0.0.4)
      ffi
    uuidtools (2.1.4)
    warbler (1.4.0)
      jruby-jars (>= 1.5.6)
      jruby-rack (>= 1.0.0)
      rake (>= 0.9.6)
      rubyzip (>= 0.9, < 1.1)

PLATFORMS
  java

DEPENDENCIES
  aws-sdk (~> 1.0)
  mustache
  pry
  rack
  warbler
