GEM
  remote: https://rubygems.org/
  specs:
    alephant-harness (0.2.0)
      aws-sdk
    alephant-logger (0.0.2)
    alephant-publisher-request (0.0.3)
      alephant-logger
      alephant-renderer
      aws-sdk (~> 1.0)
      faraday
      mustache (>= 0.99.5)
      rack
      rake
    alephant-renderer (0.1.0)
      alephant-logger
      hashie
      i18n
      mustache (>= 0.99.5)
    archive-tar-minitar (0.5.2)
    aws-sdk (1.59.1)
      aws-sdk-v1 (= 1.59.1)
    aws-sdk-v1 (1.59.1)
      json (~> 1.4)
      nokogiri (>= 1.4.4)
    coderay (1.1.0)
    daemons (1.1.9)
    docker (0.0.1)
    docker-api (1.16.1)
      archive-tar-minitar
      excon (>= 0.38.0)
      json
    dotenv (1.0.2)
    em-synchrony (1.0.3)
      eventmachine (>= 1.0.0.beta.1)
    eventmachine (1.0.3)
    excon (0.42.1)
    faraday (0.9.0)
      multipart-post (>= 1.2, < 3)
    hashie (3.3.2)
    i18n (0.6.11)
    json (1.8.1)
    method_source (0.8.2)
    mini_portile (0.6.1)
    multipart-post (2.0.0)
    mustache (0.99.8)
    nokogiri (1.6.5)
      mini_portile (~> 0.6.0)
    peach (0.5.1)
    pry (0.10.1)
      coderay (~> 1.1.0)
      method_source (~> 0.8.1)
      slop (~> 3.4)
    rack (1.5.2)
    rake (10.4.2)
    slop (3.6.0)
    spurious (0.3.0)
      docker
      docker-api
      eventmachine
      spurious-server (~> 0.4.0)
      thor
      timeout
    spurious-ruby-awssdk-helper (0.2.2)
      aws-sdk
    spurious-server (0.4.1)
      daemons
      docker-api
      em-synchrony
      eventmachine
      peach
    thor (0.19.1)
    timeout (0.0.0)

PLATFORMS
  ruby

DEPENDENCIES
  alephant-harness
  alephant-publisher-request
  aws-sdk
  dotenv
  pry
  spurious
  spurious-ruby-awssdk-helper
