GEM
  remote: https://rubygems.org/
  specs:
    alephant-logger (0.0.2)
    alephant-publisher-request (0.0.3)
      alephant-logger
      alephant-renderer
      aws-sdk (~> 1.0)
      faraday
      mustache (>= 0.99.5)
      rack
      rake
    alephant-renderer (0.1.0)
      alephant-logger
      hashie
      i18n
      mustache (>= 0.99.5)
    aws-sdk (1.59.1)
      aws-sdk-v1 (= 1.59.1)
    aws-sdk-v1 (1.59.1)
      json (~> 1.4)
      nokogiri (>= 1.4.4)
    coderay (1.1.0)
    faraday (0.9.0)
      multipart-post (>= 1.2, < 3)
    hashie (3.3.2)
    i18n (0.6.11)
    json (1.8.1)
    method_source (0.8.2)
    mini_portile (0.6.1)
    multipart-post (2.0.0)
    mustache (0.99.8)
    nokogiri (1.6.5)
      mini_portile (~> 0.6.0)
    pry (0.10.1)
      coderay (~> 1.1.0)
      method_source (~> 0.8.1)
      slop (~> 3.4)
    rack (1.5.2)
    rake (10.4.2)
    slop (3.6.0)

PLATFORMS
  ruby

DEPENDENCIES
  alephant-publisher-request
  faraday
  pry
