GEM
  remote: https://rubygems.org/
  specs:
    alephant-broker (3.0.1)
      alephant-cache
      alephant-logger
      alephant-lookup
      alephant-sequencer
      crimp
      dalli-elasticache
      faraday
      pmap
    alephant-cache (1.1.1)
      alephant-logger
      aws-sdk (~> 1.0)
    alephant-harness (0.2.0)
      aws-sdk
    alephant-logger (0.0.2)
    alephant-lookup (0.3.0)
      alephant-logger
      alephant-support
      aws-sdk (~> 1.0)
      crimp
    alephant-sequencer (1.1.0)
      alephant-logger
      alephant-support
      aws-sdk (~> 1.0)
      jsonpath
    alephant-support (0.0.6)
      jsonpath
    archive-tar-minitar (0.5.2)
    aws-sdk (1.59.1)
      aws-sdk-v1 (= 1.59.1)
    aws-sdk-v1 (1.59.1)
      json (~> 1.4)
      nokogiri (>= 1.4.4)
    coderay (1.1.0)
    crimp (0.0.1)
    daemons (1.1.9)
    dalli (2.7.2)
    dalli-elasticache (0.1.2)
      dalli (>= 1.0.0)
    docker (0.0.1)
    docker-api (1.16.1)
      archive-tar-minitar
      excon (>= 0.38.0)
      json
    dotenv (1.0.2)
    em-synchrony (1.0.3)
      eventmachine (>= 1.0.0.beta.1)
    eventmachine (1.0.3)
    excon (0.42.0)
    faraday (0.9.0)
      multipart-post (>= 1.2, < 3)
    json (1.8.1)
    jsonpath (0.5.6)
      multi_json
    method_source (0.8.2)
    mini_portile (0.6.1)
    multi_json (1.10.1)
    multipart-post (2.0.0)
    nokogiri (1.6.5)
      mini_portile (~> 0.6.0)
    peach (0.5.1)
    pmap (1.0.1)
    pry (0.10.1)
      coderay (~> 1.1.0)
      method_source (~> 0.8.1)
      slop (~> 3.4)
    puma (2.10.2)
      rack (>= 1.1, < 2.0)
    rack (1.5.2)
    slop (3.6.0)
    spurious (0.3.0)
      docker
      docker-api
      eventmachine
      spurious-server (~> 0.4.0)
      thor
      timeout
    spurious-ruby-awssdk-helper (0.2.2)
      aws-sdk
    spurious-server (0.4.1)
      daemons
      docker-api
      em-synchrony
      eventmachine
      peach
    thor (0.19.1)
    timeout (0.0.0)

PLATFORMS
  ruby

DEPENDENCIES
  alephant-broker
  alephant-harness
  aws-sdk
  crimp
  dotenv
  pry
  puma
  rack
  spurious
  spurious-ruby-awssdk-helper
